GEM
  remote: http://rubygems.org/
  specs:
    activemodel (6.0.5.1)
      activesupport (= 6.0.5.1)
    activerecord (6.0.5.1)
      activemodel (= 6.0.5.1)
      activesupport (= 6.0.5.1)
    activesupport (6.0.5.1)
      concurrent-ruby (~> 1.0, >= 1.0.2)
      i18n (>= 0.7, < 2)
      minitest (~> 5.1)
      tzinfo (~> 1.1)
      zeitwerk (~> 2.2, >= 2.2.2)
    arel (9.0.0)
    bond (0.5.1)
    concurrent-ruby (1.1.10)
    database_cleaner (1.8.5)
    diff-lcs (1.4.4)
    factory_bot (6.0.2)
      activesupport (>= 5.0.0)
    ffaker (2.15.0)
    i18n (1.11.0)
      concurrent-ruby (~> 1.0)
    minitest (5.16.2)
    mustermann (1.1.1)
      ruby2_keywords (~> 0.0.1)
    pg (1.2.3)
    pg_search (2.0.1)
      activerecord (>= 4.2)
      activesupport (>= 4.2)
      arel (>= 6)
    rack (2.2.3)
    rack-protection (2.2.0)
      rack
    rack-test (1.1.0)
      rack (>= 1.0, < 3)
    rake (13.0.1)
    ripl (0.7.1)
      bond (~> 0.5.1)
    ripl-multi_line (0.3.1)
      ripl (>= 0.3.6)
    ripl-rack (0.2.0)
      rack (>= 1.0)
      rack-test (>= 0.5)
      ripl (>= 0.3.5)
    rspec (3.9.0)
      rspec-core (~> 3.9.0)
      rspec-expectations (~> 3.9.0)
      rspec-mocks (~> 3.9.0)
    rspec-core (3.9.2)
      rspec-support (~> 3.9.3)
    rspec-expectations (3.9.2)
      diff-lcs (>= 1.2.0, < 2.0)
      rspec-support (~> 3.9.0)
    rspec-mocks (3.9.1)
      diff-lcs (>= 1.2.0, < 2.0)
      rspec-support (~> 3.9.0)
    rspec-support (3.9.3)
    ruby2_keywords (0.0.5)
    sinatra (2.2.0)
      mustermann (~> 1.0)
      rack (~> 2.2)
      rack-protection (= 2.2.0)
      tilt (~> 2.0)
    sinatra-activerecord (2.0.18)
      activerecord (>= 4.1)
      sinatra (>= 1.0)
    thread_safe (0.3.6)
    tilt (2.0.10)
    tux (0.3.0)
      ripl (>= 0.3.5)
      ripl-multi_line (>= 0.2.4)
      ripl-rack (>= 0.2.0)
      sinatra (>= 1.2.1)
    tzinfo (1.2.9)
      thread_safe (~> 0.1)
    zeitwerk (2.6.0)

PLATFORMS
  ruby

DEPENDENCIES
  activerecord
  database_cleaner
  factory_bot
  ffaker
  pg
  pg_search (~> 2.0.1)
  rack-test
  rake
  rspec
  sinatra
  sinatra-activerecord
  tux

BUNDLED WITH
   1.16.6
